FRAMEWORK: >= NET45
NUGET
  remote: https://www.nuget.org/api/v2
    Deedle (1.2.5)
    Deedle.RPlugin (1.2.5)
      Deedle (>= 1.2.5)
      R.NET.Community (>= 1.6.4)
      R.NET.Community.FSharp (>= 1.6.4)
      RProvider (>= 1.1.13)
    DynamicInterop (0.7.4)
    EmguCV (3.1.0.1)
      OpenTK (>= 1.1.2225)
      OpenTK.GLControl (>= 1.1.2225)
      ZedGraph (>= 5.1.5)
    FAKE (4.39.1)
    FSharp.Charting (0.90.14)
    FSharp.Core (4.0.0.1)
    FSharp.Data (2.3.1)
    FSharp.Quotations.Evaluator (1.0.7)
    FsLab (1.0.1)
      Deedle (1.2.5)
      Deedle.RPlugin (1.2.5)
      DynamicInterop (0.7.4)
      FSharp.Charting (0.90.14)
      FSharp.Data (2.3.1)
      Google.DataTable.Net.Wrapper (3.1.2)
      MathNet.Numerics (3.12)
      MathNet.Numerics.FSharp (3.12)
      Newtonsoft.Json (9.0.1)
      R.NET.Community (1.6.5)
      R.NET.Community.FSharp (1.6.5)
      RProvider (1.1.20)
      Suave (1.1.3)
      XPlot.GoogleCharts (1.3.1)
      XPlot.GoogleCharts.Deedle (1.3.1)
      XPlot.Plotly (1.3.1)
    Google.DataTable.Net.Wrapper (3.1.2)
    Hopac (0.3.17)
      FSharp.Core (>= 3.1.2.5)
    Http.fs (4.0.2)
      FSharp.Core (>= 3.1.2.5)
      Hopac (>= 0.3.13)
    MathNet.Numerics (3.12)
    MathNet.Numerics.FSharp (3.12)
      FSharp.Core (>= 3.1.2.5)
      MathNet.Numerics (3.12)
    MathNet.Numerics.MKL.Linux-x64 (2.0)
    MathNet.Numerics.MKL.Win-x64 (2.1)
    MathNet.Numerics.OpenBLAS.Win (0.2)
    Newtonsoft.Json (9.0.1)
    OpenTK (1.1.2349.61993)
    OpenTK.GLControl (1.1.2349.61993)
      OpenTK (>= 1.1.2349.61993)
    R.NET.Community (1.6.5)
      DynamicInterop (0.7.4)
    R.NET.Community.FSharp (1.6.5)
      R.NET.Community (>= 1.6.5)
    RProvider (1.1.20)
      DynamicInterop (0.7.4)
      R.NET.Community (1.6.5)
      R.NET.Community.FSharp (1.6.5)
    Suave (1.1.3)
      FSharp.Core (>= 3.1.2.5)
    XPlot.GoogleCharts (1.3.1)
      Google.DataTable.Net.Wrapper
      Newtonsoft.Json
    XPlot.GoogleCharts.Deedle (1.3.1)
      Deedle
      XPlot.GoogleCharts (>= 1.3.1)
    XPlot.Plotly (1.3.1)
      Http.fs
      Newtonsoft.Json
    ZedGraph (5.1.7)
